PATH
  remote: .
  specs:
    headhunter (0.0.8)
      colorize
      css_parser (~> 1.2.6)
      html_validation
      nokogiri
      rspec

GEM
  remote: https://rubygems.org/
  specs:
    addressable (2.3.5)
    colorize (0.6.0)
    css_parser (1.2.6)
      addressable
      rdoc
    diff-lcs (1.2.5)
    fuubar (1.3.2)
      rspec (>= 2.14.0, < 3.1.0)
      ruby-progressbar (~> 1.3)
    gem-release (0.7.1)
    html_validation (1.0.0)
    json (1.8.1)
    mini_portile (0.5.2)
    nokogiri (1.6.1)
      mini_portile (~> 0.5.0)
    rake (10.1.1)
    rdoc (4.1.1)
      json (~> 1.4)
    rspec (2.14.1)
      rspec-core (~> 2.14.0)
      rspec-expectations (~> 2.14.0)
      rspec-mocks (~> 2.14.0)
    rspec-core (2.14.7)
    rspec-expectations (2.14.4)
      diff-lcs (>= 1.1.3, < 2.0)
    rspec-mocks (2.14.4)
    ruby-progressbar (1.4.0)

PLATFORMS
  ruby

DEPENDENCIES
  fuubar
  gem-release
  headhunter!
  rake
  rspec (>= 2.0)
