PATH
  remote: .
  specs:
    headhunter (0.1.4)
      colorize
      css_parser (>= 1.2.6)
      html_validation
      nokogiri

GEM
  remote: https://rubygems.org/
  specs:
    addressable (2.3.5)
    awesome_print (1.2.0)
    coderay (1.1.0)
    colorize (0.6.0)
    coolline (0.4.3)
    css_parser (1.3.5)
      addressable
    diff-lcs (1.2.5)
    fuubar (1.3.2)
      rspec (>= 2.14.0, < 3.1.0)
      ruby-progressbar (~> 1.3)
    gem-release (0.7.1)
    html_validation (1.0.0)
    method_source (0.8.2)
    mini_portile (0.5.2)
    nokogiri (1.6.1)
      mini_portile (~> 0.5.0)
    pry (0.9.12.6)
      coderay (~> 1.0)
      method_source (~> 0.8)
      slop (~> 3.4)
    rake (10.1.1)
    rspec (2.14.1)
      rspec-core (~> 2.14.0)
      rspec-expectations (~> 2.14.0)
      rspec-mocks (~> 2.14.0)
    rspec-core (2.14.7)
    rspec-expectations (2.14.4)
      diff-lcs (>= 1.1.3, < 2.0)
    rspec-mocks (2.14.4)
    ruby-progressbar (1.4.0)
    slop (3.4.7)

PLATFORMS
  ruby

DEPENDENCIES
  awesome_print
  coolline
  fuubar
  gem-release
  headhunter!
  pry
  rake
  rspec (>= 2.0)
